GEM
  remote: https://rubygems.org/
  specs:
    bourbon (4.2.7)
      sass (~> 3.4)
      thor (~> 0.19)
    neat (1.8.0)
      sass (>= 3.3)
      thor (~> 0.19)
    sass (3.4.22)
    thor (0.19.1)

PLATFORMS
  ruby

DEPENDENCIES
  bourbon (~> 4.2)
  neat (~> 1.7)
  sass (~> 3.4)

RUBY VERSION
   ruby 2.3.1p112

BUNDLED WITH
   1.12.5
